GIT
  remote: git://github.com/fgrehm/vagrant-global-status.git
  revision: 6a93c79c7595b76392a2b559674985eabc004aa8
  specs:
    vagrant-global-status (0.1.5.dev)

GIT
  remote: git://github.com/fgrehm/vagrant-lxc.git
  revision: 3bd22955dd26d814f05f51e9f6a196d066985cd2
  specs:
    vagrant-lxc (1.0.0.alpha.2.dev)

GIT
  remote: git://github.com/fgrehm/vagrant-pristine.git
  revision: 503dbc47848c81d0fbfa6840491856f518d244a1
  specs:
    vagrant-pristine (0.3.0)

GIT
  remote: git://github.com/mitchellh/vagrant.git
  revision: 5b360d0990f0f6fb286dadf65581c345c55d3b32
  tag: v1.5.2
  specs:
    vagrant (1.5.2)
      bundler (~> 1.5.2)
      childprocess (~> 0.5.0)
      erubis (~> 2.7.0)
      i18n (~> 0.6.0)
      listen (~> 2.4.0)
      log4r (~> 1.1.9, < 1.1.11)
      net-scp (~> 1.1.0)
      net-ssh (>= 2.6.6, < 2.8.0)
      rb-kqueue (~> 0.2.0)
      wdm (~> 0.1.0)

PATH
  remote: .
  specs:
    vagrant-cachier (0.7.0)

GEM
  remote: https://rubygems.org/
  specs:
    celluloid (0.15.2)
      timers (~> 1.1.0)
    childprocess (0.5.3)
      ffi (~> 1.0, >= 1.0.11)
    erubis (2.7.0)
    ffi (1.9.3)
    i18n (0.6.9)
    listen (2.4.1)
      celluloid (>= 0.15.2)
      rb-fsevent (>= 0.9.3)
      rb-inotify (>= 0.9)
    log4r (1.1.10)
    net-scp (1.1.2)
      net-ssh (>= 2.6.5)
    net-ssh (2.7.0)
    rake (10.3.1)
    rb-fsevent (0.9.4)
    rb-inotify (0.9.4)
      ffi (>= 0.5.0)
    rb-kqueue (0.2.2)
      ffi (>= 0.5.0)
    timers (1.1.0)
    vagrant-omnibus (1.4.1)
    wdm (0.1.0)

PLATFORMS
  ruby

DEPENDENCIES
  rake
  vagrant!
  vagrant-cachier!
  vagrant-global-status!
  vagrant-lxc!
  vagrant-omnibus
  vagrant-pristine!
