GIT
  remote: git://github.com/fgrehm/vagrant-lxc.git
  revision: ef3b97dff86de8e1bd9fadf4d00bd9a31cf3e072
  specs:
    vagrant-lxc (0.4.1.dev)

GIT
  remote: git://github.com/mitchellh/vagrant.git
  revision: cf0e302e34f3def9d5405bb14847b4b0cb67de01
  specs:
    vagrant (1.2.5.dev)
      childprocess (~> 0.3.7)
      erubis (~> 2.7.0)
      i18n (~> 0.6.0)
      log4r (~> 1.1.9)
      net-scp (~> 1.1.0)
      net-ssh (~> 2.6.6)

PATH
  remote: .
  specs:
    vagrant-cachier (0.2.0)

GEM
  remote: https://rubygems.org/
  specs:
    childprocess (0.3.9)
      ffi (~> 1.0, >= 1.0.11)
    erubis (2.7.0)
    ffi (1.9.0)
    i18n (0.6.4)
    log4r (1.1.10)
    net-scp (1.1.2)
      net-ssh (>= 2.6.5)
    net-ssh (2.6.8)
    rake (10.1.0)

PLATFORMS
  ruby

DEPENDENCIES
  rake
  vagrant!
  vagrant-cachier!
  vagrant-lxc!
